GEM
  remote: https://rubygems.org/
  specs:
    yard (0.8.6.2)

PLATFORMS
  ruby

DEPENDENCIES
  yard
